GIT
  remote: git://github.com/lawrencepit/ruby-saml-idp.git
  revision: ae53d76af08711affaeb182e7a877676ab554818
  specs:
    ruby-saml-idp (0.3.2)
      uuid

PATH
  remote: .
  specs:
    fake_idp (0.1.0)
      builder (~> 3.1, >= 2.0)
      ruby-saml-idp
      sinatra (>= 2.0.3)

GEM
  remote: https://rubygems.org/
  specs:
    builder (3.2.3)
    diff-lcs (1.2.5)
    dotenv (1.0.2)
    macaddr (1.7.1)
      systemu (~> 2.6.2)
    mustermann (1.0.3)
    rack (2.0.5)
    rack-protection (2.0.4)
      rack
    rake (10.5.0)
    rspec (3.4.0)
      rspec-core (~> 3.4.0)
      rspec-expectations (~> 3.4.0)
      rspec-mocks (~> 3.4.0)
    rspec-core (3.4.2)
      rspec-support (~> 3.4.0)
    rspec-expectations (3.4.0)
      diff-lcs (>= 1.2.0, < 2.0)
      rspec-support (~> 3.4.0)
    rspec-mocks (3.4.1)
      diff-lcs (>= 1.2.0, < 2.0)
      rspec-support (~> 3.4.0)
    rspec-support (3.4.1)
    sinatra (2.0.4)
      mustermann (~> 1.0)
      rack (~> 2.0)
      rack-protection (= 2.0.4)
      tilt (~> 2.0)
    systemu (2.6.5)
    tilt (2.0.8)
    uuid (2.3.8)
      macaddr (~> 1.0)

PLATFORMS
  ruby

DEPENDENCIES
  bundler (~> 1.11)
  dotenv (~> 1.0)
  fake_idp!
  rake (~> 10.0)
  rspec (~> 3.0)
  ruby-saml-idp!

BUNDLED WITH
   1.16.1
