GIT
  remote: https://github.com/lawrencepit/ruby-saml-idp.git
  revision: ae53d76af08711affaeb182e7a877676ab554818
  specs:
    ruby-saml-idp (0.3.2)
      uuid

PATH
  remote: .
  specs:
    fake_idp (0.5.0)
      activesupport (~> 5.2.4.3)
      builder (>= 3.2.2)
      nokogiri (>= 1.10.5)
      ruby-saml-idp
      sinatra (~> 2.0.0)
      xmlenc (>= 0.7.1)

GEM
  remote: https://rubygems.org/
  specs:
    activemodel (5.2.4.3)
      activesupport (= 5.2.4.3)
    activesupport (5.2.4.3)
      concurrent-ruby (~> 1.0, >= 1.0.2)
      i18n (>= 0.7, < 2)
      minitest (~> 5.1)
      tzinfo (~> 1.1)
    builder (3.2.4)
    coderay (1.1.2)
    concurrent-ruby (1.1.6)
    diff-lcs (1.2.5)
    dotenv (1.0.2)
    i18n (1.8.2)
      concurrent-ruby (~> 1.0)
    macaddr (1.7.1)
      systemu (~> 2.6.2)
    method_source (0.9.2)
    mini_portile2 (2.4.0)
    minitest (5.14.1)
    mustermann (1.1.1)
      ruby2_keywords (~> 0.0.1)
    nokogiri (1.10.9)
      mini_portile2 (~> 2.4.0)
    pry (0.12.2)
      coderay (~> 1.1.0)
      method_source (~> 0.9.0)
    rack (2.2.2)
    rack-protection (2.0.8.1)
      rack
    rake (10.5.0)
    rspec (3.4.0)
      rspec-core (~> 3.4.0)
      rspec-expectations (~> 3.4.0)
      rspec-mocks (~> 3.4.0)
    rspec-core (3.4.2)
      rspec-support (~> 3.4.0)
    rspec-expectations (3.4.0)
      diff-lcs (>= 1.2.0, < 2.0)
      rspec-support (~> 3.4.0)
    rspec-mocks (3.4.1)
      diff-lcs (>= 1.2.0, < 2.0)
      rspec-support (~> 3.4.0)
    rspec-support (3.4.1)
    ruby-saml (1.11.0)
      nokogiri (>= 1.5.10)
    ruby2_keywords (0.0.2)
    sinatra (2.0.8.1)
      mustermann (~> 1.0)
      rack (~> 2.0)
      rack-protection (= 2.0.8.1)
      tilt (~> 2.0)
    systemu (2.6.5)
    thread_safe (0.3.6)
    tilt (2.0.10)
    tzinfo (1.2.7)
      thread_safe (~> 0.1)
    uuid (2.3.8)
      macaddr (~> 1.0)
    xmlenc (0.7.1)
      activemodel (>= 3.0.0)
      activesupport (>= 3.0.0)
      nokogiri (>= 1.6.0, < 2.0.0)
      xmlmapper (>= 0.7.3)
    xmlmapper (0.7.3)
      nokogiri (~> 1.5)

PLATFORMS
  ruby

DEPENDENCIES
  bundler (~> 2)
  dotenv (~> 1.0)
  fake_idp!
  pry (~> 0.12.2)
  rake (~> 10.0)
  rspec (~> 3.0)
  ruby-saml (~> 1.11.0)
  ruby-saml-idp!

BUNDLED WITH
   2.1.2
